GEM
  remote: https://rubygems.org/
  specs:
    addressable (2.3.8)
    cinch (2.2.5)
    cinch-identify (1.7.0)
      cinch (~> 2.0)
    domain_name (0.5.24)
      unf (>= 0.0.5, < 1.0.0)
    dotenv-heroku (0.0.1)
      rake
    hashie (2.1.2)
    httmultiparty (0.3.16)
      httparty (>= 0.7.3)
      mimemagic
      multipart-post
    http-cookie (1.0.2)
      domain_name (~> 0.5)
    httparty (0.11.0)
      multi_json (~> 1.0)
      multi_xml (>= 0.5.2)
    json (1.8.3)
    mechanize (2.7.2)
      domain_name (~> 0.5, >= 0.5.1)
      http-cookie (~> 1.0.0)
      mime-types (~> 1.17, >= 1.17.2)
      net-http-digest_auth (~> 1.1, >= 1.1.1)
      net-http-persistent (~> 2.5, >= 2.5.2)
      nokogiri (~> 1.4)
      ntlm-http (~> 0.1, >= 0.1.1)
      webrobots (>= 0.0.9, < 0.2)
    mime-types (1.25.1)
    mimemagic (0.3.0)
    mini_portile (0.6.2)
    multi_json (1.11.1)
    multi_xml (0.5.5)
    multipart-post (2.0.0)
    net-http-digest_auth (1.4)
    net-http-persistent (2.9.4)
    nokogiri (1.6.6.2)
      mini_portile (~> 0.6.0)
    ntlm-http (0.1.1)
    rake (10.4.2)
    rapgenius (1.1.1)
      httparty (~> 0.11.0)
    rest-client (1.6.9)
      mime-types (~> 1.16)
    soundcloud (0.3.2)
      hashie (~> 2.0)
      httmultiparty (~> 0.3.0)
    unf (0.1.4)
      unf_ext
    unf_ext (0.0.7.1)
    unirest (1.1.2)
      addressable (~> 2.3.5)
      json (~> 1.8.1)
      rest-client (~> 1.6.7)
    webrobots (0.1.1)

PLATFORMS
  ruby

DEPENDENCIES
  cinch
  cinch-identify
  dotenv-heroku
  httparty
  json
  mechanize
  nokogiri
  rapgenius
  soundcloud
  unirest
